GIT
  remote: git://github.com/cwninja/geminabox.git
  revision: f8860f55b9685e37a605e58052248c72fba5b223
  ref: f8860f55
  specs:
    geminabox (0.10.1)
      builder
      httpclient (>= 2.2.7)
      sinatra

GEM
  remote: https://rubygems.org/
  specs:
    builder (3.2.0)
    httpclient (2.3.3)
    multi_json (1.5.0)
    rack (1.5.1)
    rack-protection (1.3.2)
      rack
    rake (10.0.3)
    redis (3.0.2)
    redis-namespace (1.2.1)
      redis (~> 3.0.0)
    resque (1.23.0)
      multi_json (~> 1.0)
      redis-namespace (~> 1.0)
      sinatra (>= 0.9.2)
      vegas (~> 0.1.2)
    sinatra (1.3.4)
      rack (~> 1.4)
      rack-protection (~> 1.3)
      tilt (~> 1.3, >= 1.3.3)
    tilt (1.3.3)
    vegas (0.1.11)
      rack (>= 1.0.0)

PLATFORMS
  ruby

DEPENDENCIES
  geminabox!
  rake
  resque
